PATH
  remote: .
  specs:
    terminal-notes (0.1.0)
      ffi-ncurses (~> 0.4.0)
      fuzzy_match (~> 2.1.0)

GEM
  remote: https://rubygems.org/
  specs:
    diff-lcs (1.4.4)
    docile (1.3.2)
    ffi (1.13.1)
    ffi-locale (1.0.1)
      ffi (>= 1.0.9)
    ffi-ncurses (0.4.0)
      ffi (>= 1.0.9)
      ffi-locale (>= 1.0.0)
    fuzzy_match (2.1.0)
    io-console (0.5.6)
    irb (1.2.4)
      reline (>= 0.0.1)
    rake (13.0.1)
    reline (0.1.4)
      io-console (~> 0.5)
    rspec (3.9.0)
      rspec-core (~> 3.9.0)
      rspec-expectations (~> 3.9.0)
      rspec-mocks (~> 3.9.0)
    rspec-core (3.9.2)
      rspec-support (~> 3.9.3)
    rspec-expectations (3.9.2)
      diff-lcs (>= 1.2.0, < 2.0)
      rspec-support (~> 3.9.0)
    rspec-mocks (3.9.1)
      diff-lcs (>= 1.2.0, < 2.0)
      rspec-support (~> 3.9.0)
    rspec-support (3.9.3)
    rubygems-tasks (0.2.5)
      irb (~> 1.0)
    simplecov (0.19.0)
      docile (~> 1.1)
      simplecov-html (~> 0.11)
    simplecov-html (0.12.2)
    yard (0.9.25)

PLATFORMS
  ruby

DEPENDENCIES
  rake (~> 13.0.1)
  rspec (~> 3.9.0)
  rubygems-tasks (~> 0.2.5)
  simplecov (~> 0.19.0)
  terminal-notes!
  yard (~> 0.9.25)

BUNDLED WITH
   2.0.2
